PATH
  remote: .
  specs:
    online (0.0.1)
      aws-s3 (>= 0.6.2)

GEM
  remote: http://rubygems.org/
  specs:
    addressable (2.2.5)
    aws-s3 (0.6.2)
      builder
      mime-types
      xml-simple
    builder (3.0.0)
    crack (0.1.8)
    mime-types (1.16)
    webmock (1.6.2)
      addressable (>= 2.2.2)
      crack (>= 0.1.7)
    xml-simple (1.0.15)

PLATFORMS
  ruby

DEPENDENCIES
  online!
  webmock (>= 1.6.2)
