PATH
  remote: .
  specs:
    online (0.0.1)
      aws-s3 (>= 0.6.2)

GEM
  remote: http://rubygems.org/
  specs:
    aws-s3 (0.6.2)
      builder
      mime-types
      xml-simple
    builder (3.0.0)
    mime-types (1.16)
    xml-simple (1.0.15)

PLATFORMS
  ruby

DEPENDENCIES
  online!
